PATH
  remote: .
  specs:
    spice (0.0.2.beta)
      mixlib-authentication
      rest-client
      yajl-ruby

GEM
  remote: http://rubygems.org/
  specs:
    addressable (2.2.2)
    builder (3.0.0)
    crack (0.1.8)
    cucumber (0.10.0)
      builder (>= 2.1.2)
      diff-lcs (~> 1.1.2)
      gherkin (~> 2.3.2)
      json (~> 1.4.6)
      term-ansicolor (~> 1.0.5)
    diff-lcs (1.1.2)
    gherkin (2.3.2)
      json (~> 1.4.6)
      term-ansicolor (~> 1.0.5)
    json (1.4.6)
    mime-types (1.16)
    mixlib-authentication (1.1.4)
      mixlib-log
    mixlib-log (1.2.0)
    rcov (0.9.9)
    rest-client (1.6.1)
      mime-types (>= 1.16)
    rspec (2.4.0)
      rspec-core (~> 2.4.0)
      rspec-expectations (~> 2.4.0)
      rspec-mocks (~> 2.4.0)
    rspec-core (2.4.0)
    rspec-expectations (2.4.0)
      diff-lcs (~> 1.1.2)
    rspec-mocks (2.4.0)
    term-ansicolor (1.0.5)
    timecop (0.3.5)
    webmock (1.6.1)
      addressable (>= 2.2.2)
      crack (>= 0.1.7)
    yajl-ruby (0.7.8)
    yard (0.6.4)

PLATFORMS
  ruby

DEPENDENCIES
  cucumber (~> 0.10.0)
  mixlib-authentication
  rcov
  rest-client
  rspec (~> 2.4.0)
  spice!
  timecop (~> 0.3.5)
  webmock (~> 1.6.1)
  yajl-ruby
  yard (~> 0.6.4)
